GIT
  remote: git://github.com/BuildYourOwnSinatra/build-your-own-sinatra.gem.git
  revision: d5a65b18e4d0dfc87b688c48b44f1c4b0a8475ba
  specs:
    build-your-own-sinatra (0.0.1)
      bson_ext (= 1.11.1)
      mm-sluggable (= 0.3.1)
      mongo_mapper (= 0.13.1)
      omniauth-identity

GIT
  remote: git://github.com/eldr-rb/eldr-action.git
  revision: d869a7811714336f76f36c3b8b7999f6fbb50665
  specs:
    eldr-action (0.0.1)
      activemodel (~> 4.1)
      eldr (~> 0.0)

GIT
  remote: git://github.com/eldr-rb/eldr-rendering.git
  revision: 8d055fe9bb2a19894f16e02a35676aa22d583927
  specs:
    eldr-rendering (0.0.1)
      activesupport (~> 4)
      eldr (~> 0.0)
      tilt (~> 1.4)

GIT
  remote: git://github.com/eldr-rb/eldr-responders.git
  revision: afb462b8f51235d17755b440d3a5f97aed2c8f76
  specs:
    eldr-responders (0.0.1)
      eldr (~> 0.0)
      eldr-rendering (~> 0.0)
      eldr-sessions (~> 0.0)
      r18n-core (= 2.0.3)
      rack-accept (= 0.4.5)
      rack-flash3 (= 1.0.5)

GIT
  remote: git://github.com/eldr-rb/eldr.git
  revision: 22e53465a0d7ecce48885068a1845db4e80807eb
  specs:
    eldr (0.0.4)
      fast_blank (= 0.0.2)
      mustermann (= 0.4.0)
      rack (~> 1.5)

GIT
  remote: git://github.com/kucaahbe/rspec-html-matchers.git
  revision: b12f1287665b601a0699d5aeb6190c4be74486f1
  specs:
    rspec-html-matchers (0.7.0)
      nokogiri (~> 1)
      rspec (~> 3)

GEM
  remote: https://rubygems.org/
  specs:
    activemodel (4.1.9)
      activesupport (= 4.1.9)
      builder (~> 3.1)
    activesupport (4.1.9)
      i18n (~> 0.6, >= 0.6.9)
      json (~> 1.7, >= 1.7.7)
      minitest (~> 5.1)
      thread_safe (~> 0.1)
      tzinfo (~> 1.1)
    addressable (2.3.7)
    ast (2.0.0)
    astrolabe (1.3.0)
      parser (>= 2.2.0.pre.3, < 3.0)
    bcrypt (3.1.10)
    bcrypt-ruby (3.1.5)
      bcrypt (>= 3.1.3)
    bourbon (3.2.4)
      sass (~> 3.2)
      thor
    bson (1.11.1)
    bson_ext (1.11.1)
      bson (~> 1.11.1)
    builder (3.2.2)
    celluloid (0.16.0)
      timers (~> 4.0.0)
    chunky_png (1.3.4)
    coffee-script (2.3.0)
      coffee-script-source
      execjs
    coffee-script-source (1.9.1)
    compass (1.0.3)
      chunky_png (~> 1.2)
      compass-core (~> 1.0.2)
      compass-import-once (~> 1.0.5)
      rb-fsevent (>= 0.9.3)
      rb-inotify (>= 0.9)
      sass (>= 3.3.13, < 3.5)
    compass-core (1.0.3)
      multi_json (~> 1.0)
      sass (>= 3.3.0, < 3.5)
    compass-import-once (1.0.5)
      sass (>= 3.2, < 3.5)
    descendants_tracker (0.0.4)
      thread_safe (~> 0.3, >= 0.3.1)
    diff-lcs (1.2.5)
    dotenv (1.0.2)
    eldr-assets (0.0.1)
      eldr-rendering (~> 0.0)
    eldr-sessions (0.0.1)
      eldr (~> 0.0)
    erubis (2.7.0)
    execjs (2.3.0)
    factory_girl (4.5.0)
      activesupport (>= 3.0.0)
    faraday (0.9.1)
      multipart-post (>= 1.2, < 3)
    fast_blank (0.0.2)
    ffaker (1.32.1)
    ffi (1.9.6)
    foreman (0.77.0)
      dotenv (~> 1.0.2)
      thor (~> 0.19.1)
    gepub (0.6.9.2)
      nokogiri (~> 1.6.1)
      rubyzip (>= 1.1.1)
    github_api (0.12.3)
      addressable (~> 2.3)
      descendants_tracker (~> 0.0.4)
      faraday (~> 0.8, < 0.10)
      hashie (>= 3.3)
      multi_json (>= 1.7.5, < 2.0)
      nokogiri (~> 1.6.3)
      oauth2
    haml (4.0.6)
      tilt
    hashie (3.4.0)
    hike (1.2.3)
    hitimes (1.2.2)
    hooks (0.4.0)
      uber (~> 0.0.4)
    i18n (0.6.11)
    json (1.8.2)
    jwt (1.2.1)
    kramdown (1.5.0)
    listen (2.8.5)
      celluloid (>= 0.15.2)
      rb-fsevent (>= 0.9.3)
      rb-inotify (>= 0.9)
    middleman (3.3.7)
      coffee-script (~> 2.2)
      compass (>= 1.0.0, < 2.0.0)
      compass-import-once (= 1.0.5)
      execjs (~> 2.0)
      haml (>= 4.0.5)
      kramdown (~> 1.2)
      middleman-core (= 3.3.7)
      middleman-sprockets (>= 3.1.2)
      sass (>= 3.4.0, < 4.0)
      uglifier (~> 2.5)
    middleman-blog (3.5.3)
      addressable (~> 2.3.5)
      middleman-core (~> 3.2)
      tzinfo (>= 0.3.0)
    middleman-core (3.3.7)
      activesupport (~> 4.1.0)
      bundler (~> 1.1)
      erubis
      hooks (~> 0.3)
      i18n (~> 0.6.9)
      listen (>= 2.7.9, < 3.0)
      padrino-helpers (~> 0.12.3)
      rack (>= 1.4.5, < 2.0)
      rack-test (~> 0.6.2)
      thor (>= 0.15.2, < 2.0)
      tilt (~> 1.4.1, < 2.0)
    middleman-sprockets (3.4.1)
      middleman-core (>= 3.3)
      sprockets (~> 2.12.1)
      sprockets-helpers (~> 1.1.0)
      sprockets-sass (~> 1.3.0)
    mime-types (2.4.3)
    mini_portile (0.6.2)
    minitest (5.5.1)
    mm-sluggable (0.3.1)
      mongo_mapper (>= 0.9.0)
    moneta (0.8.0)
    mongo (1.11.1)
      bson (= 1.11.1)
    mongo_mapper (0.13.1)
      activemodel (>= 3.0.0)
      activesupport (>= 3.0)
      mongo (~> 1.8)
      plucky (~> 0.6.5)
    multi_json (1.10.1)
    multi_xml (0.5.5)
    multipart-post (2.0.0)
    mustermann (0.4.0)
      tool (~> 0.2)
    nokogiri (1.6.6.2)
      mini_portile (~> 0.6.0)
    oauth2 (1.0.0)
      faraday (>= 0.8, < 0.10)
      jwt (~> 1.0)
      multi_json (~> 1.3)
      multi_xml (~> 0.5)
      rack (~> 1.2)
    omniauth (1.2.2)
      hashie (>= 1.2, < 4)
      rack (~> 1.0)
    omniauth-github (1.1.2)
      omniauth (~> 1.0)
      omniauth-oauth2 (~> 1.1)
    omniauth-identity (1.1.1)
      bcrypt-ruby (~> 3.0)
      omniauth (~> 1.0)
    omniauth-oauth2 (1.2.0)
      faraday (>= 0.8, < 0.10)
      multi_json (~> 1.3)
      oauth2 (~> 1.0)
      omniauth (~> 1.2)
    padrino-helpers (0.12.4)
      i18n (~> 0.6, >= 0.6.7)
      padrino-support (= 0.12.4)
      tilt (~> 1.4.1)
    padrino-support (0.12.4)
      activesupport (>= 3.1)
    parser (2.2.0.3)
      ast (>= 1.1, < 3.0)
    pdfkit (0.6.2)
    plucky (0.6.6)
      mongo (~> 1.5)
    powerpack (0.0.9)
    puma (2.11.0)
      rack (>= 1.1, < 2.0)
    r18n-core (2.0.3)
    rack (1.6.0)
    rack-accept (0.4.5)
      rack (>= 0.4)
    rack-contrib (1.1.0)
      rack (>= 0.9.1)
    rack-flash3 (1.0.5)
      rack
    rack-robustness (1.1.0)
    rack-test (0.6.2)
      rack (>= 1.0)
    rainbow (2.0.0)
    rake (10.4.2)
    rb-fsevent (0.9.4)
    rb-inotify (0.9.5)
      ffi (>= 0.5.0)
    require_all (1.3.2)
    rouge (1.8.0)
    rspec (3.1.0)
      rspec-core (~> 3.1.0)
      rspec-expectations (~> 3.1.0)
      rspec-mocks (~> 3.1.0)
    rspec-core (3.1.7)
      rspec-support (~> 3.1.0)
    rspec-expectations (3.1.2)
      diff-lcs (>= 1.2.0, < 2.0)
      rspec-support (~> 3.1.0)
    rspec-mocks (3.1.3)
      rspec-support (~> 3.1.0)
    rspec-support (3.1.2)
    rubocop (0.28.0)
      astrolabe (~> 1.3)
      parser (>= 2.2.0.pre.7, < 3.0)
      powerpack (~> 0.0.6)
      rainbow (>= 1.99.1, < 3.0)
      ruby-progressbar (~> 1.4)
    ruby-progressbar (1.7.1)
    rubyzip (1.1.7)
    sass (3.4.12)
    shoulda-matchers (2.8.0)
      activesupport (>= 3.0.0)
    slim (3.0.1)
      temple (~> 0.7.3)
      tilt (>= 1.3.3, < 2.1)
    sprockets (2.12.3)
      hike (~> 1.2)
      multi_json (~> 1.0)
      rack (~> 1.0)
      tilt (~> 1.1, != 1.3.0)
    sprockets-helpers (1.1.0)
      sprockets (~> 2.0)
    sprockets-sass (1.3.1)
      sprockets (~> 2.0)
      tilt (~> 1.1)
    temple (0.7.5)
    thor (0.19.1)
    thread_safe (0.3.4)
    tilt (1.4.1)
    timers (4.0.1)
      hitimes
    tool (0.2.3)
    tzinfo (1.2.2)
      thread_safe (~> 0.1)
    uber (0.0.13)
    uglifier (2.7.0)
      execjs (>= 0.3.0)
      json (>= 1.8.0)

PLATFORMS
  ruby

DEPENDENCIES
  activesupport (= 4.1.9)
  bourbon (= 3.2.4)
  build-your-own-sinatra!
  eldr!
  eldr-action!
  eldr-assets
  eldr-rendering!
  eldr-responders!
  eldr-sessions
  factory_girl
  ffaker
  foreman
  gepub (= 0.6.9.2)
  github_api (= 0.12.3)
  kramdown (= 1.5.0)
  middleman (= 3.3.7)
  middleman-blog (= 3.5.3)
  mime-types
  moneta (= 0.8.0)
  nokogiri (= 1.6.6.2)
  omniauth-github (= 1.1.2)
  pdfkit (= 0.6.2)
  puma (= 2.11.0)
  rack-contrib
  rack-robustness
  rack-test (= 0.6.2)
  rake (= 10.4.2)
  require_all (= 1.3.2)
  rouge (= 1.8.0)
  rspec (= 3.1.0)
  rspec-html-matchers!
  rubocop (= 0.28.0)
  shoulda-matchers
  slim (= 3.0.1)
